GEM
  remote: https://rubygems.org/
  specs:
    faraday (0.12.1)
      multipart-post (>= 1.2, < 3)
    firebase (0.2.6)
      httpclient
      json
    http_router (0.11.2)
      rack (>= 1.0.0)
      url_mount (~> 0.2.1)
    httpclient (2.8.3)
    i18n (0.8.1)
    ice_nine (0.11.2)
    json (2.1.0)
    lita (4.7.1)
      bundler (>= 1.3)
      faraday (>= 0.8.7)
      http_router (>= 0.11.2)
      i18n (>= 0.6.9)
      ice_nine (>= 0.11.0)
      multi_json (>= 1.7.7)
      puma (>= 2.7.1)
      rack (>= 1.5.2, < 2.0.0)
      rb-readline (>= 0.5.1)
      redis-namespace (>= 1.3.0)
      thor (>= 0.18.1)
    lita-heroku-keepalive (0.2.1)
      lita (>= 4.7)
    lita-hipchat (3.0.2)
      lita (>= 4.4.3)
      xmpp4r (>= 0.5.6)
    multi_json (1.12.1)
    multipart-post (2.0.0)
    puma (3.8.2)
    rack (1.6.5)
    rb-readline (0.5.4)
    redis (3.3.3)
    redis-namespace (1.5.3)
      redis (~> 3.0, >= 3.0.4)
    thor (0.19.4)
    url_mount (0.2.1)
      rack
    xmpp4r (0.5.6)

PLATFORMS
  ruby

DEPENDENCIES
  firebase
  lita
  lita-heroku-keepalive
  lita-hipchat

BUNDLED WITH
   1.14.6
